GIT
  remote: git://github.com/maccman/sinatra-contrib.git
  revision: 3dde2819a31791a9124d916c4449df0741af45f9
  specs:
    sinatra-contrib (1.4.1)
      multi_json
      rack-protection
      rack-test
      sinatra (~> 1.4.0)
      tilt (~> 1.3)

GIT
  remote: git://github.com/xinminlabs/sprockets-memcache-store.git
  revision: 9224519b69a551613d4d3c20ea13fc2794b12e43
  branch: feature/sprockets-3-compatible
  specs:
    sprockets-memcache-store (0.0.3)
      dalli

GEM
  remote: https://rubygems.org/
  specs:
    activesupport (4.2.3)
      i18n (~> 0.7)
      json (~> 1.7, >= 1.7.7)
      minitest (~> 5.1)
      thread_safe (~> 0.3, >= 0.3.4)
      tzinfo (~> 1.1)
    ast (2.1.0)
    builder (3.2.2)
    closure-compiler (1.1.11)
    coffee-script (2.4.1)
      coffee-script-source
      execjs
    coffee-script-source (1.9.1.1)
    daemons (1.2.3)
    dalli (2.7.4)
    diff-lcs (1.2.5)
    dotenv (2.0.2)
    erubis (2.7.0)
    eventmachine (1.0.8)
    execjs (2.6.0)
    i18n (0.7.0)
    json (1.8.3)
    kgio (2.9.3)
    memcachier (0.0.2)
    minitest (5.8.0)
    multi_json (1.11.2)
    newrelic_rpm (3.13.0.299)
    parser (2.2.2.6)
      ast (>= 1.1, < 3.0)
    rack (1.6.4)
    rack-protection (1.5.3)
      rack
    rack-standards (0.0.1)
    rack-test (0.6.3)
      rack (>= 1.0)
    raindrops (0.15.0)
    rake (10.4.2)
    rspec (3.3.0)
      rspec-core (~> 3.3.0)
      rspec-expectations (~> 3.3.0)
      rspec-mocks (~> 3.3.0)
    rspec-core (3.3.2)
      rspec-support (~> 3.3.0)
    rspec-expectations (3.3.1)
      diff-lcs (>= 1.2.0, < 2.0)
      rspec-support (~> 3.3.0)
    rspec-mocks (3.3.2)
      diff-lcs (>= 1.2.0, < 2.0)
      rspec-support (~> 3.3.0)
    rspec-support (3.3.0)
    sinatra (1.4.6)
      rack (~> 1.4)
      rack-protection (~> 1.4)
      tilt (>= 1.3, < 3)
    slim (3.0.6)
      temple (~> 0.7.3)
      tilt (>= 1.3.3, < 2.1)
    sprockets (3.3.1)
      rack (~> 1.0)
    stylus (1.0.1)
      execjs
      stylus-source
    stylus-source (0.49.3)
    synvert-core (0.8.2)
      activesupport
      erubis
      parser (~> 2.2)
    temple (0.7.6)
    thin (1.6.3)
      daemons (~> 1.0, >= 1.0.9)
      eventmachine (~> 1.0)
      rack (~> 1.0)
    thread_safe (0.3.5)
    tilt (1.4.1)
    tzinfo (1.2.2)
      thread_safe (~> 0.1)
    uglifier (2.7.1)
      execjs (>= 0.3.0)
      json (>= 1.8.0)
    unicorn (4.9.0)
      kgio (~> 2.6)
      rack
      raindrops (~> 0.7)
    yui-compressor (0.12.0)

PLATFORMS
  ruby

DEPENDENCIES
  activesupport
  builder
  closure-compiler
  coffee-script
  dalli
  dotenv
  i18n
  json
  memcachier
  newrelic_rpm
  rack-standards
  rack-test
  rake
  rspec
  sinatra
  sinatra-contrib!
  slim
  sprockets
  sprockets-memcache-store!
  stylus
  stylus-source
  synvert-core
  thin
  uglifier
  unicorn
  yui-compressor

BUNDLED WITH
   1.10.3
